GEM
  remote: https://rubygems.org/
  specs:
    concurrent-ruby (1.1.10)
    faker (2.23.0)
      i18n (>= 1.8.11, < 2)
    i18n (1.12.0)
      concurrent-ruby (~> 1.0)
    jwt (2.5.0)

PLATFORMS
  x86_64-darwin-21

DEPENDENCIES
  faker (~> 2.23)
  jwt

BUNDLED WITH
   2.3.23
